GEM
  remote: http://rubygems.org/
  specs:
    rack (1.3.5)
    remote_syslog_logger (1.0.3)
      syslog_protocol
    sinatra (1.2.7)
      rack (~> 1.1)
      tilt (>= 1.2.2, < 2.0)
    syslog_protocol (0.9.1)
    tilt (1.3.3)

PLATFORMS
  ruby

DEPENDENCIES
  rack (~> 1.3.5)
  remote_syslog_logger
  sinatra (~> 1.2.6)
