GEM
  remote: http://rubygems.org/
  specs:
    gelf (1.3.2)
      json
    json (1.6.5)
    rack (1.3.6)
    sinatra (1.2.8)
      rack (~> 1.1)
      tilt (>= 1.2.2, < 2.0)
    tilt (1.3.3)

PLATFORMS
  ruby

DEPENDENCIES
  gelf
  rack (~> 1.3.6)
  sinatra (~> 1.2.6)
